GEM
  remote: https://rubygems.org/
  specs:
    dotenv (0.11.1)
      dotenv-deployment (~> 0.0.2)
    dotenv-deployment (0.0.2)
    httparty (0.13.1)
      json (~> 1.8)
      multi_xml (>= 0.5.2)
    json (1.8.1)
    multi_xml (0.5.5)
    robowhois (0.5.0)
      httparty (>= 0.9)
    term-ansicolor (1.3.0)
      tins (~> 1.0)
    tins (1.1.0)

PLATFORMS
  ruby

DEPENDENCIES
  dotenv
  robowhois
  term-ansicolor
